GEM
  remote: https://rubygems.org/
  specs:
    json (1.8.2)
    mime-types (1.25.1)
    rack (1.6.11)
    rest-client (1.8.0)
      mime-types (>= 1.16)
    sinatra (1.1.0)
      rack (~> 1.6.11)
      tilt (~> 1.1)
    slack-notifier (1.1.0)
    tilt (1.4.1)

PLATFORMS
  ruby

DEPENDENCIES
  json
  rest-client
  sinatra (= 1.1.0)
  slack-notifier
